GEM
  remote: https://rubygems.org/
  specs:
    backports (3.9.1)
    ethon (0.10.1)
    ffi (1.9.18)
    json (2.1.0)
    multi_json (1.12.2)
    mustermann (1.0.2)
    open4 (1.3.4)
    rack (2.0.4)
    rack-protection (2.0.1)
      rack
    rack-test (0.8.2)
      rack (>= 1.0, < 3)
    rpam-ruby19 (1.2.1)
    sinatra (2.0.1)
      mustermann (~> 1.0)
      rack (~> 2.0)
      rack-protection (= 2.0.1)
      tilt (~> 2.0)
    sinatra-contrib (2.0.1)
      backports (>= 2.0)
      multi_json
      mustermann (~> 1.0)
      rack-protection (= 2.0.1)
      sinatra (= 2.0.1)
      tilt (>= 1.3, < 3)
    tilt (2.0.8)

PLATFORMS
  ruby

DEPENDENCIES
  backports
  ethon
  ffi
  json
  multi_json
  open4
  rack
  rack-protection
  rack-test
  rpam-ruby19
  sinatra
  sinatra-contrib
  tilt
